GEM
  remote: https://gems.ruby-china.com/
  specs:
    builder (3.2.4)
    byebug (11.1.3)
    cucumber (2.0.0)
      builder (>= 2.1.2)
      cucumber-core (~> 1.1.3)
      diff-lcs (>= 1.1.3)
      gherkin (~> 2.12)
      multi_json (>= 1.7.5, < 2.0)
      multi_test (>= 0.1.2)
    cucumber-core (1.1.3)
      gherkin (~> 2.12.0)
    diff-lcs (1.5.0)
    gherkin (2.12.2)
      multi_json (~> 1.3)
    multi_json (1.15.0)
    multi_test (1.1.0)
    rspec (3.12.0)
      rspec-core (~> 3.12.0)
      rspec-expectations (~> 3.12.0)
      rspec-mocks (~> 3.12.0)
    rspec-core (3.12.2)
      rspec-support (~> 3.12.0)
    rspec-expectations (3.12.3)
      diff-lcs (>= 1.2.0, < 2.0)
      rspec-support (~> 3.12.0)
    rspec-mocks (3.12.6)
      diff-lcs (>= 1.2.0, < 2.0)
      rspec-support (~> 3.12.0)
    rspec-support (3.12.1)

PLATFORMS
  ruby

DEPENDENCIES
  byebug
  cucumber (= 2.0.0)
  rspec (>= 3.8)

RUBY VERSION
   ruby 2.6.6p146

BUNDLED WITH
   1.17.2
